PATH
  remote: .
  specs:
    lyber-core (2.0.0)
      actionpack
      bagit (>= 0.1.0)
      daemons
      dor-services (~> 3.1.0)
      nokogiri (>= 1.4.3.3)
      stomp
      systemu (>= 1.2.0)
      validatable

GEM
  remote: http://rubygems.org/
  remote: http://sulair-rails-dev.stanford.edu/
  specs:
    actionpack (1.4.0)
    active-fedora (3.3.2)
      activeresource (>= 3.0.0)
      activesupport (>= 3.0.0)
      equivalent-xml
      mediashelf-loggable
      mime-types (>= 1.16)
      multipart-post (= 1.1.2)
      nokogiri
      om (>= 1.5.1)
      rdf
      rdf-rdfxml
      rubydora (~> 0.5.3)
      solr-ruby (>= 0.0.6)
      solrizer (~> 1.2.0)
      xml-simple (>= 1.0.12)
    activemodel (3.0.12)
      activesupport (= 3.0.12)
      builder (~> 2.1.2)
      i18n (~> 0.5.0)
    activeresource (3.0.12)
      activemodel (= 3.0.12)
      activesupport (= 3.0.12)
    activesupport (3.0.12)
    addressable (2.2.7)
    akami (1.0.0)
      gyoku (>= 0.4.0)
    bagit (0.2.0)
      validatable (~> 1.6)
    builder (2.1.2)
    columnize (0.3.5)
    confstruct (0.2.2)
    daemons (1.1.4)
    dor-services (3.1.0)
      active-fedora (~> 3.3.2)
      confstruct (>= 0.2.2)
      json
      lyber-utils
      nokogiri (>= 1.4.3.1)
      om (~> 1.5.0)
      progressbar
      rest-client
      ruby-cache
      ruby-graphviz
      solr-ruby (>= 0.0.8)
      systemu
      uuidtools
      validatable
    equivalent-xml (0.2.9)
      nokogiri (>= 1.4.3)
    eventmachine (0.12.10)
    fakeweb (1.3.0)
    fastercsv (1.5.4)
    gyoku (0.4.4)
      builder (>= 2.1.2)
    haml (3.1.4)
    highline (1.6.8)
    hoe (2.12.4)
      rake (~> 0.8)
    httpi (0.9.6)
      rack
    i18n (0.5.0)
    json (1.6.3)
    linecache (0.46)
      rbx-require-relative (> 0.0.4)
    lyber-utils (0.1.2)
      bagit (>= 0.1.0)
      nokogiri (>= 1.4.3.1)
      systemu (>= 1.2.0)
      validatable
    lyberteam-devel (0.4.1)
      highline
      pony
      rake (>= 0.8.7)
    mail (2.3.0)
      i18n (>= 0.4.0)
      mime-types (~> 1.16)
      treetop (~> 1.4.8)
    mediashelf-loggable (0.4.9)
    mime-types (1.17.2)
    multipart-post (1.1.2)
    nokogiri (1.5.0)
    nori (1.1.0)
    om (1.5.3)
      mediashelf-loggable
      nokogiri (>= 1.4.2)
    polyglot (0.3.3)
    pony (1.4)
      mail (> 2.0)
    progressbar (0.10.0)
    rack (1.4.1)
    rake (0.9.2.2)
    rbx-require-relative (0.0.5)
    rcov (0.9.11)
    rdf (0.3.5)
      addressable (>= 2.2.6)
    rdf-rdfxml (0.3.5)
      nokogiri (>= 1.4.4)
      rdf (>= 0.3.4)
    rdoc (3.11)
      json (~> 1.4)
    rest-client (1.6.7)
      mime-types (>= 1.16)
    rspec (1.3.2)
    ruby-cache (0.3.0)
    ruby-debug (0.10.4)
      columnize (>= 0.1)
      ruby-debug-base (~> 0.10.4.0)
    ruby-debug-base (0.10.4)
      linecache (>= 0.3)
    ruby-graphviz (1.0.5)
    rubydora (0.5.4)
      activemodel
      activesupport
      fastercsv
      mime-types
      nokogiri
      rest-client
      savon
    savon (0.9.9)
      akami (~> 1.0)
      builder (>= 2.1.2)
      gyoku (>= 0.4.0)
      httpi (~> 0.9)
      nokogiri (>= 1.4.0)
      nori (~> 1.1)
      wasabi (~> 2.1)
    solr-ruby (0.0.8)
    solrizer (1.2.0)
      daemons
      mediashelf-loggable (~> 0.4.7)
      nokogiri
      om (>= 1.5.0)
      stomp
      xml-simple
    stomp (1.2.0)
    stompserver (0.9.9)
      daemons (>= 1.0.2)
      eventmachine (>= 0.7.2)
      hoe (>= 1.1.1)
      hoe (>= 1.3.0)
    systemu (2.4.2)
    treetop (1.4.10)
      polyglot
      polyglot (>= 0.3.1)
    uuidtools (2.1.2)
    validatable (1.6.7)
    wasabi (2.1.0)
      nokogiri (>= 1.4.0)
    xml-simple (1.1.1)
    yard (0.7.4)

PLATFORMS
  ruby

DEPENDENCIES
  fakeweb
  haml
  lyber-core!
  lyberteam-devel (>= 0.1.1)
  rake (>= 0.8.7)
  rcov
  rdoc
  rspec (< 2.0)
  ruby-debug
  stompserver
  yard
