PATH
  remote: .
  specs:
    lyber-core (2.2.1)
      actionpack
      activeresource (>= 3.2.6)
      activesupport (>= 3.2.6)
      bagit (>= 0.1.0)
      daemons
      dor-services (>= 3.9.0)
      nokogiri (~> 1.5.0)
      stomp
      systemu (>= 1.2.0)
      validatable

GEM
  remote: http://rubygems.org/
  remote: http://sul-gems.stanford.edu/
  specs:
    actionpack (3.2.8)
      activemodel (= 3.2.8)
      activesupport (= 3.2.8)
      builder (~> 3.0.0)
      erubis (~> 2.7.0)
      journey (~> 1.0.4)
      rack (~> 1.4.0)
      rack-cache (~> 1.2)
      rack-test (~> 0.6.1)
      sprockets (~> 2.1.3)
    active-fedora (4.5.2)
      activeresource (>= 3.0.0)
      activesupport (>= 3.0.0)
      deprecation
      equivalent-xml
      mediashelf-loggable
      om (~> 1.6.0)
      rdf
      rdf-rdfxml (~> 0.3.8)
      rsolr
      rubydora (~> 0.5.13)
      solrizer (~> 1.2.0)
    activemodel (3.2.8)
      activesupport (= 3.2.8)
      builder (~> 3.0.0)
    activeresource (3.2.8)
      activemodel (= 3.2.8)
      activesupport (= 3.2.8)
    activesupport (3.2.8)
      i18n (~> 0.6)
      multi_json (~> 1.0)
    addressable (2.3.2)
    akami (1.2.0)
      gyoku (>= 0.4.0)
      nokogiri (>= 1.4.0)
    bagit (0.2.0)
      validatable (~> 1.6)
    builder (3.0.3)
    columnize (0.3.6)
    confstruct (0.2.4)
    daemons (1.1.9)
    deprecation (0.0.5)
      activesupport
    dor-services (3.14.5)
      active-fedora (>= 4.0.0)
      active-fedora (>= 4.0.0.rc20)
      confstruct (>= 0.2.2)
      druid-tools (>= 0.2.1)
      equivalent-xml (>= 0.2.2)
      json
      lyber-utils
      moab-versioning (>= 0.8.7)
      net-sftp
      net-ssh
      nokogiri (~> 1.5.0)
      om (>= 1.5.0)
      progressbar
      rest-client
      rsolr-client-cert (>= 0.5.1)
      rsolr-ext
      ruby-cache
      ruby-graphviz
      systemu
      uuidtools
      validatable
    druid-tools (0.2.1)
    equivalent-xml (0.2.9)
      nokogiri (>= 1.4.3)
    erubis (2.7.0)
    eventmachine (0.12.10)
    fakeweb (1.3.0)
    fastercsv (1.5.5)
    gyoku (0.4.6)
      builder (>= 2.1.2)
    haml (3.1.4)
    happymapper (0.4.0)
      libxml-ruby (~> 2.0)
    hashery (2.0.1)
    hike (1.2.1)
    hoe (3.0.3)
      rake (~> 0.8)
    hooks (0.2.1)
    httpi (1.1.1)
      rack
    i18n (0.6.1)
    journey (1.0.4)
    json (1.7.5)
    libxml-ruby (2.3.3)
    linecache (0.46)
      rbx-require-relative (> 0.0.4)
    lyber-utils (0.1.2)
      bagit (>= 0.1.0)
      nokogiri (>= 1.4.3.1)
      systemu (>= 1.2.0)
      validatable
    lyberteam-gems-devel (1.0.1)
      rake (>= 0.8.7)
      rest-client
    mediashelf-loggable (0.4.9)
    mime-types (1.19)
    moab-versioning (0.8.8)
      confstruct
      happymapper
      hashery (>= 2.0.0)
      json
      nokogiri
    multi_json (1.3.6)
    net-sftp (2.0.5)
      net-ssh (>= 2.0.9)
    net-ssh (2.3.0)
    nokogiri (1.5.5)
    nori (1.1.3)
    om (1.6.1)
      mediashelf-loggable
      nokogiri (>= 1.4.2)
    progressbar (0.11.0)
    rack (1.4.1)
    rack-cache (1.2)
      rack (>= 0.4)
    rack-test (0.6.2)
      rack (>= 1.0)
    rake (0.9.2.2)
    rbx-require-relative (0.0.9)
    rcov (1.0.0)
    rdf (0.3.8)
      addressable (>= 2.2.6)
    rdf-rdfxml (0.3.8)
      rdf (>= 0.3.4)
      rdf-xsd (>= 0.3.5)
    rdf-xsd (0.3.8)
      rdf (>= 0.3.4)
    rdoc (3.12)
      json (~> 1.4)
    rest-client (1.6.7)
      mime-types (>= 1.16)
    rsolr (1.0.8)
      builder (>= 2.1.2)
    rsolr-client-cert (0.5.2)
      rest-client
      rsolr
    rsolr-ext (1.0.3)
      rsolr (>= 1.0.2)
    rspec (1.3.2)
    ruby-cache (0.3.0)
    ruby-debug (0.10.4)
      columnize (>= 0.1)
      ruby-debug-base (~> 0.10.4.0)
    ruby-debug-base (0.10.4)
      linecache (>= 0.3)
    ruby-graphviz (1.0.8)
    rubydora (0.5.13)
      activemodel
      activesupport
      deprecation
      fastercsv
      hooks
      mime-types
      nokogiri
      rest-client
      savon
    savon (1.2.0)
      akami (~> 1.2.0)
      builder (>= 2.1.2)
      gyoku (~> 0.4.5)
      httpi (~> 1.1.0)
      nokogiri (>= 1.4.0)
      nori (~> 1.1.0)
      wasabi (~> 2.5.0)
    solrizer (1.2.2)
      daemons
      mediashelf-loggable (~> 0.4.7)
      nokogiri
      om (>= 1.5.0)
      stomp
      xml-simple
    sprockets (2.1.3)
      hike (~> 1.2)
      rack (~> 1.0)
      tilt (~> 1.1, != 1.3.0)
    stomp (1.2.5)
    stompserver (0.9.9)
      daemons (>= 1.0.2)
      eventmachine (>= 0.7.2)
      hoe (>= 1.1.1)
      hoe (>= 1.3.0)
    systemu (2.5.2)
    tilt (1.3.3)
    uuidtools (2.1.3)
    validatable (1.6.7)
    wasabi (2.5.1)
      httpi (~> 1.0)
      nokogiri (>= 1.4.0)
    xml-simple (1.1.1)
    yard (0.7.5)

PLATFORMS
  ruby

DEPENDENCIES
  fakeweb
  haml
  lyber-core!
  lyberteam-gems-devel
  rake (>= 0.8.7)
  rcov
  rdoc
  rspec (< 2.0)
  ruby-debug
  stompserver
  yard
